GIT
  remote: git://github.com/svs/thermostat.git
  revision: f73be04fb57ec41257cc1384652aa23bc88fcaa2
  specs:
    thermostat (0.1.0)

GEM
  remote: http://rubygems.org/
  specs:
    ParseTree (3.0.9)
      RubyInline (~> 3.9.0)
      sexp_processor (~> 3.2.0)
    RubyInline (3.9.0)
      ZenTest (~> 4.3)
    ZenTest (4.8.0)
    activesupport (3.2.3)
      i18n (~> 0.6)
      multi_json (~> 1.0)
    addressable (2.2.8)
    agnostic (0.1.1)
    bcrypt-ruby (3.0.1)
    builder (3.0.0)
    color (1.4.1)
    colored (1.2)
    columnize (0.3.6)
    cronedit (0.3.0)
    daemon_controller (1.0.0)
    daemons (1.0.10)
    dalli (2.0.5)
    data_objects (0.10.8)
      addressable (~> 2.1)
    datamapper (1.2.0)
      dm-aggregates (~> 1.2.0)
      dm-constraints (~> 1.2.0)
      dm-core (~> 1.2.0)
      dm-migrations (~> 1.2.0)
      dm-serializer (~> 1.2.0)
      dm-timestamps (~> 1.2.0)
      dm-transactions (~> 1.2.0)
      dm-types (~> 1.2.0)
      dm-validations (~> 1.2.0)
    diff-lcs (1.1.3)
    dm-aggregates (1.2.0)
      dm-core (~> 1.2.0)
    dm-constraints (1.2.0)
      dm-core (~> 1.2.0)
    dm-core (1.2.0)
      addressable (~> 2.2.6)
    dm-do-adapter (1.2.0)
      data_objects (~> 0.10.6)
      dm-core (~> 1.2.0)
    dm-is-versioned (1.2.0)
      dm-core (~> 1.2.0)
    dm-migrations (1.2.0)
      dm-core (~> 1.2.0)
    dm-mysql-adapter (1.2.0)
      dm-do-adapter (~> 1.2.0)
      do_mysql (~> 0.10.6)
    dm-observer (1.2.0)
      dm-core (~> 1.2.0)
    dm-pagination (0.4.0)
      agnostic (>= 0.1.0)
      dm-core (>= 0.9.11)
    dm-paperclip (2.4.1)
      datamapper
      extlib
    dm-serializer (1.2.1)
      dm-core (~> 1.2.0)
      fastercsv (~> 1.5.4)
      json (~> 1.6.1)
      json_pure (~> 1.6.1)
      multi_json (~> 1.0.3)
    dm-sqlite-adapter (1.2.0)
      dm-do-adapter (~> 1.2.0)
      do_sqlite3 (~> 0.10.6)
    dm-timestamps (1.2.0)
      dm-core (~> 1.2.0)
    dm-transactions (1.2.0)
      dm-core (~> 1.2.0)
    dm-types (1.2.1)
      bcrypt-ruby (~> 3.0.0)
      dm-core (~> 1.2.0)
      fastercsv (~> 1.5.4)
      json (~> 1.6.1)
      multi_json (~> 1.0.3)
      stringex (~> 1.3.0)
      uuidtools (~> 2.1.2)
    dm-validations (1.2.0)
      dm-core (~> 1.2.0)
    do_mysql (0.10.8)
      data_objects (= 0.10.8)
    do_sqlite3 (0.10.8)
      data_objects (= 0.10.8)
    erubis (2.7.0)
    extlib (0.9.15)
    factory_girl (2.6.4)
      activesupport (>= 2.3.9)
    fastercsv (1.5.5)
    fastthread (1.0.7)
    gem_plugin (0.2.3)
    gettext (2.2.1)
      locale
    git (1.2.5)
    haml (3.1.6)
    highline (1.6.12)
    hirb (0.6.2)
    hoe (3.0.6)
      rake (~> 0.8)
    htmldoc (0.2.3)
    i18n (0.6.0)
    i18n-translators-tools (0.2.4)
      i18n (>= 0.5.0)
      ya2yaml
    ice_cube (0.8.0)
    json (1.6.7)
    json_pure (1.6.7)
    linecache (0.46)
      rbx-require-relative (> 0.0.4)
    locale (2.0.5)
    logger (1.2.8)
    macaddr (1.6.0)
      systemu (~> 2.2.0)
    mailfactory (1.4.0)
      mime-types (>= 1.13.1)
    merb-action-args (1.1.3)
      ParseTree (>= 2.1.1)
      merb-core (~> 1.1.3)
      ruby2ruby (>= 1.1.9)
    merb-assets (1.1.3)
      merb-core (~> 1.1.3)
    merb-auth-core (1.1.1)
      merb-core (~> 1.1)
    merb-auth-more (1.1.1)
      merb-auth-core (~> 1.1.1)
    merb-auth-slice-password (1.1.1)
      merb-auth-core (~> 1.1.1)
      merb-auth-more (~> 1.1.1)
      merb-slices (~> 1.1)
    merb-core (1.1.3)
      bundler
      erubis (>= 2.6.2)
      extlib (>= 0.9.13)
      mime-types (>= 1.16)
      rack
      rake
    merb-exceptions (1.1.3)
      merb-core (~> 1.1.3)
      merb-mailer (~> 1.1.3)
    merb-gen (1.1.3)
      merb-core (~> 1.1.3)
      templater (>= 1.0.0)
    merb-haml (1.1.3)
      haml (>= 2.0.3)
      merb-core (~> 1.1.3)
    merb-helpers (1.1.3)
      merb-core (~> 1.1.3)
    merb-mailer (1.1.3)
      mailfactory (>= 1.2.3)
      merb-core (~> 1.1.3)
    merb-param-protection (1.1.3)
      merb-core (~> 1.1.3)
    merb-slices (1.1.3)
      merb-core (~> 1.1.3)
    merb_datamapper (1.1.3)
      dm-core (>= 1.0)
      dm-migrations (>= 1.0)
      merb-core (~> 1.1)
    mime-types (1.18)
    mongrel (1.2.0.pre2)
      daemons (~> 1.0.10)
      gem_plugin (~> 0.2.3)
    multi_json (1.0.4)
    mysql (2.8.1)
    open4 (1.3.0)
    passenger (3.0.12)
      daemon_controller (>= 0.2.5)
      fastthread (>= 1.0.1)
      rack
      rake (>= 0.8.1)
    pdf-writer (1.1.8)
      color (>= 1.4.0)
      transaction-simple (~> 1.3)
    rack (1.4.1)
    rake (0.9.2.2)
    rake-remote_task (2.0.6)
      open4 (~> 1.0)
      rake (~> 0.8)
    rbx-require-relative (0.0.9)
    rspec (1.3.2)
    ruby-debug (0.10.4)
      columnize (>= 0.1)
      ruby-debug-base (~> 0.10.4.0)
    ruby-debug-base (0.10.4)
      linecache (>= 0.3)
    ruby2ruby (1.3.1)
      ruby_parser (~> 2.0)
      sexp_processor (~> 3.0)
    ruby_parser (2.3.1)
      sexp_processor (~> 3.0)
    sequel (3.35.0)
    sexp_processor (3.2.0)
    spork (1.0.0rc3)
    stringex (1.3.3)
    systemu (2.2.0)
    templater (1.0.0)
      diff-lcs (>= 1.1.2)
      extlib (>= 0.9.5)
      highline (>= 1.4.0)
    tlsmail (0.0.1)
    transaction-simple (1.4.0)
      hoe (>= 1.1.7)
    uuid (2.3.5)
      macaddr (~> 1.0)
    uuidtools (2.1.2)
    vlad (2.2.5)
      rake (~> 0.8)
      rake-remote_task (~> 2.0)
    vlad-git (2.2.0)
      vlad (>= 2.1.0)
    ya2yaml (0.31)

PLATFORMS
  ruby

DEPENDENCIES
  builder
  colored
  cronedit
  dalli
  dm-aggregates (~> 1.2)
  dm-core (~> 1.2)
  dm-is-versioned (~> 1.2)
  dm-migrations (~> 1.2)
  dm-mysql-adapter (~> 1.2)
  dm-observer (~> 1.2)
  dm-pagination
  dm-paperclip
  dm-serializer (~> 1.2)
  dm-sqlite-adapter (~> 1.2)
  dm-timestamps (~> 1.2)
  dm-transactions (~> 1.2)
  dm-types (~> 1.2)
  dm-validations (~> 1.2)
  factory_girl (~> 2.3)
  gettext
  git (~> 1.2)
  hirb
  htmldoc
  i18n (~> 0.6)
  i18n-translators-tools (~> 0.2)
  ice_cube
  logger
  merb-action-args (~> 1.1)
  merb-assets (~> 1.1)
  merb-auth-core (~> 1.1)
  merb-auth-more (~> 1.1)
  merb-auth-slice-password (~> 1.1)
  merb-core (~> 1.1)
  merb-exceptions (~> 1.1)
  merb-gen (~> 1.1)
  merb-haml (~> 1.1)
  merb-helpers (~> 1.1)
  merb-mailer (~> 1.1)
  merb-param-protection (~> 1.1)
  merb-slices (~> 1.1)
  merb_datamapper (~> 1.1)
  mongrel
  mysql
  passenger (~> 3.0)
  pdf-writer
  rake (~> 0.9)
  rspec (~> 1.3)
  ruby-debug
  sequel
  spork (~> 1.0rc)
  thermostat!
  tlsmail
  uuid
  vlad
  vlad-git
